GEM
  remote: http://rubygems.org/
  specs:
    addressable (2.2.8)
    daemons (1.1.8)
    em-websocket (0.3.6)
      addressable (>= 2.1.1)
      eventmachine (>= 0.12.9)
    eventmachine (1.0.0.beta.4)
    json (1.7.0)
    rack (1.4.1)
    ruby-hmac (0.4.0)
    socky-authenticator (0.5.0)
      json
      ruby-hmac
    socky-server (0.5.0.beta1)
      json
      socky-authenticator (~> 0.5.0.beta5)
      websocket-rack (>= 0.2.1)
    thin (1.3.1)
      daemons (>= 1.0.9)
      eventmachine (>= 0.12.6)
      rack (>= 1.0.0)
    websocket-rack (0.4.0)
      em-websocket (~> 0.3.6)
      eventmachine (~> 1.0.0.beta.4)
      rack
      thin

PLATFORMS
  ruby

DEPENDENCIES
  socky-server (= 0.5.0.beta1)
